GIT
  remote: https://github.com/andytinycat/fpm-cookery
  revision: d4695dad4f8397c4545f6d450fc7459cb15fe36d
  branch: dependency-checks
  specs:
    fpm-cookery (0.13.0)
      facter
      fpm (~> 0.4)
      puppet

GEM
  remote: https://rubygems.com/
  specs:
    arr-pm (0.0.7)
      cabin (> 0)
    backports (2.6.2)
    cabin (0.6.0)
    clamp (0.3.1)
    facter (1.6.17)
    fpm (0.4.29)
      arr-pm (~> 0.0.7)
      backports (= 2.6.2)
      cabin (>= 0.6.0)
      clamp (= 0.3.1)
      json (= 1.6.6)
      open4
    hiera (1.1.2)
      json_pure
    json (1.6.6)
    json_pure (1.7.7)
    open4 (1.3.0)
    puppet (3.1.0)
      facter (~> 1.6)
      hiera (~> 1.0)

PLATFORMS
  ruby

DEPENDENCIES
  fpm-cookery!
